GEM
  remote: https://rubygems.org/
  specs:
    ansi (1.4.3)
    coveralls (0.7.0)
      multi_json (~> 1.3)
      rest-client
      simplecov (>= 0.7)
      term-ansicolor
      thor
    docile (1.1.3)
    jwt (0.1.11)
      multi_json (>= 1.5)
    metaclass (0.0.4)
    mime-types (2.2)
    mocha (1.0.0)
      metaclass (~> 0.0.1)
    multi_json (1.9.2)
    rack (1.5.2)
    rack-test (0.6.2)
      rack (>= 1.0)
    rake (10.3.0)
    rest-client (1.6.7)
      mime-types (>= 1.16)
    rubytest (0.7.0)
      ansi
    simplecov (0.8.2)
      docile (~> 1.1.0)
      multi_json
      simplecov-html (~> 0.8.0)
    simplecov-html (0.8.0)
    term-ansicolor (1.3.0)
      tins (~> 1.0)
    test (1.0.0)
      rubytest
    thor (0.19.1)
    tins (1.1.0)

PLATFORMS
  ruby

DEPENDENCIES
  coveralls
  jwt (= 0.1.11)
  mocha
  rack (~> 1.5.2)
  rack-test (~> 0.6.2)
  rake
  simplecov
  test
